GIT
  remote: https://github.com/SciRuby/daru-view
  revision: 3c4e3de88dc214c47be207c1844fd80bcb3aba00
  specs:
    daru-view (0.2.6)
      actionview
      daru
      daru-data_tables
      google_visualr
      lazy_high_charts
      nyaplot
      thor

GIT
  remote: https://github.com/SciRuby/daru.git
  revision: 3ac3d15f3c1b2e7f5a00b61e6cc81c652d4d0250
  specs:
    daru (0.3)
      packable (~> 1.3.13)

GIT
  remote: https://github.com/SciRuby/nyaplot.git
  revision: 662ebc60b0d1e9fbebe7e06530d8450d266ebbdd
  specs:
    nyaplot (0.1.6)

PATH
  remote: .
  specs:
    phoebe (0.1.0)

GEM
  remote: https://rubygems.org/
  specs:
    actionview (7.0.2.2)
      activesupport (= 7.0.2.2)
      builder (~> 3.1)
      erubi (~> 1.4)
      rails-dom-testing (~> 2.0)
      rails-html-sanitizer (~> 1.1, >= 1.2.0)
    activesupport (7.0.2.2)
      concurrent-ruby (~> 1.0, >= 1.0.2)
      i18n (>= 1.6, < 2)
      minitest (>= 5.1)
      tzinfo (~> 2.0)
    addressable (2.8.0)
      public_suffix (>= 2.0.2, < 5.0)
    ast (2.4.2)
    backports (3.23.0)
    builder (3.2.4)
    coderay (1.1.3)
    concurrent-ruby (1.1.9)
    crack (0.4.5)
      rexml
    crass (1.0.6)
    daru-data_tables (0.3.5)
      daru
    data_uri (0.1.0)
    diff-lcs (1.5.0)
    erubi (1.10.0)
    ffi (1.15.5)
    ffi-rzmq (2.0.7)
      ffi-rzmq-core (>= 1.0.7)
    ffi-rzmq-core (1.0.7)
      ffi
    google_visualr (2.5.1)
    hash-deep-merge (0.1.1)
    hashdiff (1.0.1)
    i18n (1.10.0)
      concurrent-ruby (~> 1.0)
    io-console (0.5.11)
    irb (1.4.1)
      reline (>= 0.3.0)
    iruby (0.7.4)
      data_uri (~> 0.1)
      ffi-rzmq
      irb
      mime-types (>= 3.3.1)
      multi_json (~> 1.11)
      native-package-installer
    lazy_high_charts (1.6.1)
      hash-deep-merge
    loofah (2.14.0)
      crass (~> 1.0.2)
      nokogiri (>= 1.5.9)
    method_source (1.0.0)
    mime-types (3.4.1)
      mime-types-data (~> 3.2015)
    mime-types-data (3.2022.0105)
    minitest (5.15.0)
    multi_json (1.15.0)
    native-package-installer (1.1.3)
    nokogiri (1.13.1-x86_64-darwin)
      racc (~> 1.4)
    packable (1.3.15)
      backports
    parallel (1.21.0)
    parser (3.1.0.0)
      ast (~> 2.4.1)
    pry (0.14.1)
      coderay (~> 1.1)
      method_source (~> 1.0)
    public_suffix (4.0.6)
    racc (1.6.0)
    rails-dom-testing (2.0.3)
      activesupport (>= 4.2.0)
      nokogiri (>= 1.6)
    rails-html-sanitizer (1.4.2)
      loofah (~> 2.3)
    rainbow (3.1.1)
    rake (13.0.6)
    regexp_parser (2.2.0)
    reline (0.3.1)
      io-console (~> 0.5)
    rexml (3.2.5)
    rspec (3.10.0)
      rspec-core (~> 3.10.0)
      rspec-expectations (~> 3.10.0)
      rspec-mocks (~> 3.10.0)
    rspec-core (3.10.2)
      rspec-support (~> 3.10.0)
    rspec-expectations (3.10.2)
      diff-lcs (>= 1.2.0, < 2.0)
      rspec-support (~> 3.10.0)
    rspec-mocks (3.10.3)
      diff-lcs (>= 1.2.0, < 2.0)
      rspec-support (~> 3.10.0)
    rspec-support (3.10.3)
    rubocop (1.25.1)
      parallel (~> 1.10)
      parser (>= 3.1.0.0)
      rainbow (>= 2.2.2, < 4.0)
      regexp_parser (>= 1.8, < 3.0)
      rexml
      rubocop-ast (>= 1.15.1, < 2.0)
      ruby-progressbar (~> 1.7)
      unicode-display_width (>= 1.4.0, < 3.0)
    rubocop-ast (1.15.1)
      parser (>= 3.0.1.1)
    ruby-progressbar (1.11.0)
    thor (1.2.1)
    tzinfo (2.0.4)
      concurrent-ruby (~> 1.0)
    unicode-display_width (2.1.0)
    webmock (3.14.0)
      addressable (>= 2.8.0)
      crack (>= 0.3.2)
      hashdiff (>= 0.4.0, < 2.0.0)

PLATFORMS
  x86_64-darwin-20

DEPENDENCIES
  daru!
  daru-view!
  iruby
  nyaplot!
  phoebe!
  pry
  rake (~> 13.0)
  rspec (~> 3.0)
  rubocop (~> 1.21)
  webmock

BUNDLED WITH
   2.3.0
